GEM
  remote: https://rubygems.org/
  specs:
    json (1.8.2)
    rack (1.6.0)
    rack-protection (1.5.3)
      rack
    sinatra (1.4.6)
      rack (~> 1.4)
      rack-protection (~> 1.4)
      tilt (>= 1.3, < 3)
    sinatra-namespace (0.6.1)
      sinatra (~> 1.1)
    tilt (2.0.1)

PLATFORMS
  ruby

DEPENDENCIES
  json
  sinatra
  sinatra-namespace
